GIT
  remote: git://github.com/pivotal-leopold/activerecord-jdbc-adapter.git
  revision: 67b4bf0c62f03feb301cef6e852fc5b70748e322
  branch: dynamic-schema-search-path
  specs:
    activerecord-jdbc-adapter (1.2.2)
    activerecord-jdbcpostgresql-adapter (1.2.2)
      activerecord-jdbc-adapter (~> 1.2.2)
      jdbc-postgres (>= 9.0, < 9.2)

GIT
  remote: git://github.com/pivotal-leopold/jetpack.git
  revision: 529c16d730de7e15840f0b2826254faeaf67f53e
  specs:
    jetpack (0.1.2)

GIT
  remote: git://github.com/pivotal-leopold/mizuno.git
  revision: d58541608288ef3b223c9cf9ed9a1feb9e0b59a3
  branch: 0.6.4_changes
  specs:
    mizuno (0.6.4)
      childprocess (>= 0.2.6)
      choice (>= 0.1.0)
      ffi (>= 1.0.0)
      rack (>= 1.0.0)

GIT
  remote: git://github.com/pivotal-leopold/postgresql_cursor.git
  revision: 75b41556ef2c2d9dfc3ea110d541ffcc7e8ed5fb
  specs:
    postgresql_cursor (0.4.0)
      activerecord

GIT
  remote: git://github.com/pivotal-leopold/queue_classic.git
  revision: 68405b3c36ea65213736a9fd84cbec0f0149359c
  specs:
    queue_classic (2.0.0)
      scrolls (~> 0.0.8)

GIT
  remote: git://github.com/pivotal/sunspot_matchers.git
  revision: a4684f540c27182c0a5c9f1b1fec16979c69bafa
  branch: sunspot_2_pre
  specs:
    sunspot_matchers (2.0.0.pre.120417)

GEM
  remote: http://rubygems.org/
  specs:
    POpen4 (0.1.4)
      Platform (>= 0.4.0)
      open4
    Platform (0.4.0)
    actionmailer (3.2.5)
      actionpack (= 3.2.5)
      mail (~> 2.4.4)
    actionpack (3.2.5)
      activemodel (= 3.2.5)
      activesupport (= 3.2.5)
      builder (~> 3.0.0)
      erubis (~> 2.7.0)
      journey (~> 1.0.1)
      rack (~> 1.4.0)
      rack-cache (~> 1.2)
      rack-test (~> 0.6.1)
      sprockets (~> 2.1.3)
    activemodel (3.2.5)
      activesupport (= 3.2.5)
      builder (~> 3.0.0)
    activerecord (3.2.5)
      activemodel (= 3.2.5)
      activesupport (= 3.2.5)
      arel (~> 3.0.2)
      tzinfo (~> 0.3.29)
    activeresource (3.2.5)
      activemodel (= 3.2.5)
      activesupport (= 3.2.5)
    activesupport (3.2.5)
      i18n (~> 0.6)
      multi_json (~> 1.0)
    addressable (2.2.8)
    allowy (0.2.5)
      activesupport (~> 3.2)
      i18n
    arel (3.0.2)
    bouncy-castle-java (1.5.0146.1)
    builder (3.0.0)
    capybara (1.1.2)
      mime-types (>= 1.16)
      nokogiri (>= 1.3.3)
      rack (>= 1.0.0)
      rack-test (>= 0.5.4)
      selenium-webdriver (~> 2.0)
      xpath (~> 0.1.4)
    capybara-screenshot (0.2)
      capybara (>= 1.0)
    capybara-webkit (0.12.1)
      capybara (>= 1.0.0, < 1.2)
      json
    childprocess (0.3.3)
      ffi (~> 1.0.6)
    choice (0.1.6)
    chunky_png (1.2.5)
    ci_reporter (1.7.2)
      builder (>= 2.1.2)
    clockwork (0.4.0)
      tzinfo
    cocaine (0.2.1)
    columnize (0.3.6)
    compass (0.12.1)
      chunky_png (~> 1.2)
      fssm (>= 0.2.7)
      sass (~> 3.1)
    compass-rails (1.0.1)
      compass (~> 0.12.0)
    crack (0.3.1)
    database_cleaner (0.7.2)
    diff-lcs (1.1.3)
    erubis (2.7.0)
    execjs (1.4.0)
      multi_json (~> 1.0)
    factory_girl (3.3.0)
      activesupport (>= 3.0.0)
    fakefs (0.4.0)
    ffi (1.0.11)
    ffi (1.0.11-java)
    fixture_builder (0.3.3)
      activerecord (>= 2)
      activesupport (>= 2)
    foreman (0.46.0)
      thor (>= 0.13.6)
    foreman (0.46.0-java)
      posix-spawn (~> 0.3.6)
      thor (>= 0.13.6)
    forgery (0.5.0)
    fssm (0.2.9)
    fuubar (1.0.0)
      rspec (~> 2.0)
      rspec-instafail (~> 0.2.0)
      ruby-progressbar (~> 0.0.10)
    handlebars_assets (0.4.4)
      execjs (>= 1.2.9)
      sprockets (>= 2.0.3)
      tilt
    hashie (1.2.0)
    headless (0.3.1)
    hike (1.2.1)
    i18n (0.6.0)
    jasmine (1.2.0)
      jasmine-core (>= 1.2.0)
      rack (~> 1.0)
      rspec (>= 1.3.1)
      selenium-webdriver (>= 0.1.3)
    jasmine-core (1.2.0)
    jdbc-postgres (9.0.801)
    journey (1.0.3)
    jruby-openssl (0.7.7)
      bouncy-castle-java (>= 1.5.0146.1)
    json (1.7.5)
    json (1.7.5-java)
    libwebsocket (0.1.3)
      addressable
    linecache (0.46)
      rbx-require-relative (> 0.0.4)
    mail (2.4.4)
      i18n (>= 0.4.0)
      mime-types (~> 1.16)
      treetop (~> 1.4.8)
    mime-types (1.19)
    multi_json (1.3.6)
    mustache (0.99.4)
    net-ldap (0.3.1)
    newrelic_rpm (3.4.1)
    nokogiri (1.5.5)
    nokogiri (1.5.5-java)
    open4 (1.3.0)
    paperclip (3.0.4)
      activemodel (>= 3.0.0)
      activerecord (>= 3.0.0)
      activesupport (>= 3.0.0)
      cocaine (>= 0.0.2)
      mime-types
    polyglot (0.3.3)
    posix-spawn (0.3.6)
    pr_geohash (1.0.0)
    quiet_assets (1.0.1)
      railties (~> 3.1)
    rack (1.4.1)
    rack-cache (1.2)
      rack (>= 0.4)
    rack-ssl (1.3.2)
      rack
    rack-test (0.6.1)
      rack (>= 1.0)
    rails (3.2.5)
      actionmailer (= 3.2.5)
      actionpack (= 3.2.5)
      activerecord (= 3.2.5)
      activeresource (= 3.2.5)
      activesupport (= 3.2.5)
      bundler (~> 1.0)
      railties (= 3.2.5)
    railties (3.2.5)
      actionpack (= 3.2.5)
      activesupport (= 3.2.5)
      rack-ssl (~> 1.3.2)
      rake (>= 0.8.7)
      rdoc (~> 3.4)
      thor (>= 0.14.6, < 2.0)
    rake (0.9.2.2)
    rbx-require-relative (0.0.9)
    rdoc (3.12)
      json (~> 1.4)
    rr (1.0.4)
    rsolr (1.0.8)
      builder (>= 2.1.2)
    rspec (2.11.0)
      rspec-core (~> 2.11.0)
      rspec-expectations (~> 2.11.0)
      rspec-mocks (~> 2.11.0)
    rspec-core (2.11.1)
    rspec-expectations (2.11.2)
      diff-lcs (~> 1.1.3)
    rspec-instafail (0.2.4)
    rspec-mocks (2.11.2)
    rspec-rails (2.11.0)
      actionpack (>= 3.0)
      activesupport (>= 3.0)
      railties (>= 3.0)
      rspec (~> 2.11.0)
    rspec_api_documentation (0.8.0)
      activesupport (>= 3.0.0)
      i18n (>= 0.1.0)
      json (>= 1.4.6)
      mustache (>= 0.99.4)
      rspec (>= 2.6.0)
      webmock (>= 1.7.0)
    ruby-debug (0.10.4)
      columnize (>= 0.1)
      ruby-debug-base (~> 0.10.4.0)
    ruby-debug-base (0.10.4)
      linecache (>= 0.3)
    ruby-debug-base (0.10.4-java)
    ruby-progressbar (0.0.10)
    rubyzip (0.9.9)
    sass (3.1.18)
    sass-rails (3.2.5)
      railties (~> 3.2.0)
      sass (>= 3.1.10)
      tilt (~> 1.3)
    scrolls (0.0.9)
    selenium-webdriver (2.24.0)
      childprocess (>= 0.2.5)
      libwebsocket (~> 0.1.3)
      multi_json (~> 1.0)
      rubyzip
    shoulda-matchers (1.1.0)
      activesupport (>= 3.0.0)
    spork (1.0.0rc3)
    spork-rails (3.2.0)
      rails (>= 3.0.0, < 3.3.0)
      spork (>= 1.0rc0)
    sprockets (2.1.3)
      hike (~> 1.2)
      rack (~> 1.0)
      tilt (~> 1.1, != 1.3.0)
    sunspot (2.0.0.pre.120720)
      pr_geohash (~> 1.0)
      rsolr (~> 1.0.7)
    sunspot_rails (2.0.0.pre.120720)
      nokogiri
      sunspot (= 2.0.0.pre.120720)
    sunspot_solr (2.0.0.pre.120720)
    therubyrhino (1.73.4)
    thor (0.16.0)
    tilt (1.3.3)
    timecop (0.3.5)
    treetop (1.4.10)
      polyglot
      polyglot (>= 0.3.1)
    tzinfo (0.3.33)
    uglifier (1.2.4)
      execjs (>= 0.3.0)
      multi_json (>= 1.0.2)
    vcr (2.1.1)
    webmock (1.8.9)
      addressable (>= 2.2.7)
      crack (>= 0.1.7)
    will_paginate (3.0.3)
    xpath (0.1.4)
      nokogiri (~> 1.3)
    yui-compressor (0.9.6)
      POpen4 (>= 0.1.4)

PLATFORMS
  java
  ruby

DEPENDENCIES
  activerecord-jdbcpostgresql-adapter!
  allowy
  capybara
  capybara-screenshot
  capybara-webkit
  chunky_png
  ci_reporter
  clockwork
  compass-rails
  database_cleaner
  factory_girl
  fakefs
  fixture_builder
  foreman (= 0.46)
  forgery
  fuubar
  handlebars_assets
  hashie
  headless
  jasmine
  jetpack!
  journey (= 1.0.3)
  jruby-openssl
  mizuno!
  net-ldap
  newrelic_rpm
  nokogiri
  paperclip (= 3.0.4)
  postgresql_cursor!
  queue_classic!
  quiet_assets
  rails (= 3.2.5)
  rake
  rr
  rspec-rails
  rspec_api_documentation
  ruby-debug
  sass-rails
  shoulda-matchers
  spork-rails
  sunspot_matchers!
  sunspot_rails (= 2.0.0.pre.120720)
  sunspot_solr (= 2.0.0.pre.120720)
  therubyrhino
  timecop
  uglifier (>= 1.0.3)
  vcr
  will_paginate
  yui-compressor
